

GROUP Analyzers
NUGET
  remote: http://www.nuget.org/api/v2
    AsyncUsageAnalyzers (1.0.0-alpha003)
    Gu.Analyzers (1.3.2-dev)
    IDisposableAnalyzers (2.1.2)
    PropertyChangedAnalyzers (2.7.1)
    StyleCop.Analyzers (1.1.118)
    WpfAnalyzers (2.2.0.3)
